GEM
  remote: https://rubygems.org/
  specs:
    date (3.3.3)
    json (2.6.1)
    nokogiri (1.14.2-x64-mingw-ucrt)
      racc (~> 1.4)
    open-uri (0.2.0)
      stringio
      time
      uri
    racc (1.6.2)
    rubyzip (2.3.2)
    set (1.0.2)
    stringio (3.0.5)
    time (0.2.1)
      date
    uri (0.12.0)

PLATFORMS
  x64-mingw-ucrt

DEPENDENCIES
  json (= 2.6.1)
  nokogiri (>= 1.13.8)
  open-uri (= 0.2.0)
  rubyzip (= 2.3.2)
  set (= 1.0.2)

BUNDLED WITH
   2.3.25
